GIT
  remote: git://github.com/getsentry/raven-ruby.git
  revision: eb1a0072af1132594c574cc6a64618cf900e4810
  specs:
    sentry-raven (0.5.0)
      faraday (>= 0.7.6)
      hashie (>= 1.1.0)
      uuidtools

GIT
  remote: git://github.com/travis-ci/travis-sidekiqs.git
  revision: efcf4ebd44ebad4b3dfdbff6c24969f6bc97be1a
  specs:
    travis-sidekiqs (0.0.1)
      sidekiq (~> 2.8.0)

PATH
  remote: /Users/sven/Development/projects/travis/travis-support
  specs:
    travis-support (0.0.1)

GEM
  remote: https://rubygems.org/
  specs:
    activesupport (3.2.13)
      i18n (= 0.6.1)
      multi_json (~> 1.0)
    addressable (2.3.5)
    atomic (1.1.10)
    avl_tree (1.1.3)
    backports (2.4.0)
    celluloid (0.12.4)
      facter (>= 1.6.12)
      timers (>= 1.0.0)
    connection_pool (1.1.0)
    crack (0.4.0)
      safe_yaml (~> 0.9.0)
    diff-lcs (1.2.4)
    facter (1.7.2)
    faraday (0.8.7)
      multipart-post (~> 1.1)
    foreman (0.41.0)
      thor (>= 0.13.6)
    hashie (2.0.5)
    hashr (0.0.22)
    hitimes (1.2.1)
    i18n (0.6.1)
    kgio (2.8.0)
    metriks (0.9.7.3)
      atomic (~> 1.0)
      avl_tree (~> 1.1.2)
      hitimes (~> 1.1)
    multi_json (1.7.7)
    multipart-post (1.2.0)
    newrelic_rpm (3.6.5.130)
    rack (1.5.2)
    rack-protection (1.5.0)
      rack
    rack-test (0.6.2)
      rack (>= 1.0)
    raindrops (0.11.0)
    rake (0.9.2.2)
    redis (3.0.4)
    redis-namespace (1.3.0)
      redis (~> 3.0.0)
    rspec (2.14.1)
      rspec-core (~> 2.14.0)
      rspec-expectations (~> 2.14.0)
      rspec-mocks (~> 2.14.0)
    rspec-core (2.14.3)
    rspec-expectations (2.14.0)
      diff-lcs (>= 1.1.3, < 2.0)
    rspec-mocks (2.14.1)
    safe_yaml (0.9.4)
    sidekiq (2.8.0)
      celluloid (~> 0.12.0)
      connection_pool (~> 1.0)
      multi_json (~> 1)
      redis (~> 3)
      redis-namespace
    sinatra (1.4.3)
      rack (~> 1.4)
      rack-protection (~> 1.4)
      tilt (~> 1.3, >= 1.3.4)
    thor (0.18.1)
    tilt (1.4.1)
    timers (1.1.0)
    unicorn (4.6.3)
      kgio (~> 2.6)
      rack
      raindrops (~> 0.7)
    uuidtools (2.1.4)
    webmock (1.13.0)
      addressable (>= 2.2.7)
      crack (>= 0.3.2)
    yajl-ruby (1.1.0)

PLATFORMS
  ruby

DEPENDENCIES
  activesupport (~> 3.2.13)
  backports (= 2.4.0)
  foreman (~> 0.41.0)
  hashr (~> 0.0.19)
  metriks (~> 0.9.7.3)
  multi_json
  newrelic_rpm (~> 3.6.0)
  rack-test
  rake (~> 0.9.2.2)
  redis
  rspec (~> 2.9)
  sentry-raven!
  sinatra (~> 1.4.2)
  travis-sidekiqs!
  travis-support!
  unicorn (~> 4.6.2)
  webmock
  yajl-ruby (~> 1.1.0)
